GEM
  remote: http://rubygems.org/
  specs:
    haml (3.1.3)
    pg (0.10.0)
    rack (1.3.3)
    rack-flash (0.1.2)
      rack
    sequel (3.27.0)
    sinatra (1.1.0)
      rack (~> 1.1)
      tilt (~> 1.1)
    sqlite3 (1.3.4-x86-mingw32)
    sqlite3-ruby (1.3.3)
      sqlite3 (>= 1.3.3)
    tilt (1.3.3)

PLATFORMS
  x86-mingw32

DEPENDENCIES
  haml
  pg (= 0.10.0)
  rack-flash
  sequel
  sinatra (= 1.1.0)
  sqlite3-ruby
